GEM
  remote: http://rubygems.org/
  specs:
    flowdock (0.2.1)
      httparty (~> 0.7)
      multi_json
    httparty (0.9.0)
      multi_json (~> 1.0)
      multi_xml
    multi_json (1.3.7)
    multi_xml (0.5.1)
    nokogiri (1.5.5)

PLATFORMS
  ruby

DEPENDENCIES
  flowdock
  nokogiri
